GEM
  remote: https://rubygems.org/
  specs:
    backports (3.6.8)
    git-version-bump (0.15.1)
    httparty (0.14.0)
      multi_xml (>= 0.5.2)
    multi_json (1.12.1)
    multi_xml (0.5.5)
    puma (3.6.0)
    rack (1.6.4)
    rack-contrib (1.4.0)
      git-version-bump (~> 0.15)
      rack (~> 1.4)
    rack-protection (1.5.3)
      rack
    rack-ssl (1.4.1)
      rack
    rack-test (0.6.3)
      rack (>= 1.0)
    shotgun (0.9.2)
      rack (>= 1.0)
    sinatra (1.4.7)
      rack (~> 1.5)
      rack-protection (~> 1.4)
      tilt (>= 1.3, < 3)
    sinatra-contrib (1.4.7)
      backports (>= 2.0)
      multi_json
      rack-protection
      rack-test
      sinatra (~> 1.4.0)
      tilt (>= 1.3, < 3)
    tilt (2.0.5)

PLATFORMS
  ruby

DEPENDENCIES
  httparty
  puma
  rack-contrib
  rack-ssl
  shotgun
  sinatra
  sinatra-contrib

RUBY VERSION
   ruby 2.3.1p112

BUNDLED WITH
   1.13.6
